GEM
  remote: https://rubygems.org/
  specs:
    concurrent-ruby (1.1.10)
    i18n (1.12.0)
      concurrent-ruby (~> 1.0)
    income-tax (0.3.2)
    json (2.6.3)
    language_server-protocol (3.17.0.2)
    money (6.16.0)
      i18n (>= 0.6.4, <= 2)
    mustermann (3.0.0)
      ruby2_keywords (~> 0.0.1)
    prettier_print (1.2.0)
    rack (2.2.4)
    rack-protection (3.0.5)
      rack
    ruby-lsp (0.3.7)
      language_server-protocol (~> 3.17.0)
      sorbet-runtime
      syntax_tree (>= 4.0.2, < 5.0.0)
    ruby2_keywords (0.0.5)
    sinatra (3.0.5)
      mustermann (~> 3.0)
      rack (~> 2.2, >= 2.2.4)
      rack-protection (= 3.0.5)
      tilt (~> 2.0)
    sorbet-runtime (0.5.10598)
    syntax_tree (4.3.0)
      prettier_print (>= 1.0.2)
    tilt (2.0.11)

PLATFORMS
  x86_64-linux

DEPENDENCIES
  income-tax
  json
  money
  ruby-lsp (~> 0.3.7)
  sinatra

RUBY VERSION
   ruby 2.7.7p221

BUNDLED WITH
   2.4.1
